BrainVision Data Exchange Header File Version 1.0
; Data created by the BrainVision Recorder

[Common Infos]
Codepage=UTF-8
DataFile=YAHYA_MUTFAK_dinamik.eeg
MarkerFile=YAHYA_MUTFAK_dinamik.vmrk
DataFormat=BINARY
; Data orientation: MULTIPLEXED=ch1,pt1, ch2,pt1 ...
DataOrientation=MULTIPLEXED
NumberOfChannels=19
; Sampling interval in microseconds
SamplingInterval=1000

[Binary Infos]
BinaryFormat=IEEE_FLOAT_32

[Channel Infos]
; Each entry: Ch<Channel number>=<Name>,<Reference channel name>,
; <Resolution in "Unit">,<Unit>, Future extensions..
; Fields are delimited by commas, some fields might be omitted (empty).
; Commas in channel names are coded as "\1".
Ch1=FC5,,0.0406901,µV
Ch2=FC6,,0.0406901,µV
Ch3=CP5,,0.0406901,µV
Ch4=CP6,,0.0406901,µV
Ch5=FC1,,0.0406901,µV
Ch6=FC2,,0.0406901,µV
Ch7=C3,,0.0406901,µV
Ch8=CZ,,0.0406901,µV
Ch9=C4,,0.0406901,µV
Ch10=CP1,,0.0406901,µV
Ch11=CP2,,0.0406901,µV
Ch12=P3,,0.0406901,µV
Ch13=PZ,,0.0406901,µV
Ch14=P4,,0.0406901,µV
Ch15=O1,,0.0406901,µV
Ch16=O2,,0.0406901,µV
Ch17=x_dir,,1,mg
Ch18=y_dir,,1,mg
Ch19=z_dir,,1,mg
